GIT
  remote: https://github.com/Yuuki-Discord/commandrb.git
  revision: 688e34b6142c95c0ea28ad36d6176027b1c1696b
  specs:
    commandrb (0.4.8)
      discordrb (~> 3.1, >= 3.1.0)

GEM
  remote: http://rubygems.org/
  specs:
    ast (2.4.2)
    chunky_png (1.4.0)
    coderay (1.1.3)
    debase (0.2.4.1)
      debase-ruby_core_source (>= 0.10.2)
    debase-ruby_core_source (0.10.12)
    discordrb (3.4.3)
      discordrb-webhooks (~> 3.4.3)
      ffi (>= 1.9.24)
      opus-ruby
      rest-client (>= 2.0.0)
      websocket-client-simple (>= 0.3.0)
    discordrb-webhooks (3.4.3)
      rest-client (>= 2.0.0)
    domain_name (0.6.20240107)
    event_emitter (0.2.6)
    faraday (0.17.4)
      multipart-post (>= 1.2, < 3)
    fastri (0.3.1.1)
    ffi (1.16.3)
    haste (0.2.3)
      faraday (~> 0.9)
      json
    http-accept (1.7.0)
    http-cookie (1.0.5)
      domain_name (~> 0.5)
    json (2.5.1)
    method_source (1.0.0)
    mime-types (3.5.2)
      mime-types-data (~> 3.2015)
    mime-types-data (3.2024.0305)
    multipart-post (2.1.1)
    netrc (0.11.0)
    opus-ruby (1.0.1)
      ffi
    parallel (1.20.1)
    parser (3.0.2.0)
      ast (~> 2.4.1)
    pry (0.14.1)
      coderay (~> 1.1)
      method_source (~> 1.0)
    rainbow (3.0.0)
    rake (13.0.6)
    rcodetools (0.8.5.0)
    redis (4.4.0)
    redis-namespace (1.8.1)
      redis (>= 3.0.4)
    regexp_parser (2.1.1)
    rest-client (2.1.0)
      http-accept (>= 1.7.0, < 2.0)
      http-cookie (>= 1.0.2, < 2.0)
      mime-types (>= 1.16, < 4.0)
      netrc (~> 0.8)
    rexml (3.2.5)
    rqrcode (2.1.0)
      chunky_png (~> 1.0)
      rqrcode_core (~> 1.0)
    rqrcode_core (1.2.0)
    rubocop (1.20.0)
      parallel (~> 1.10)
      parser (>= 3.0.0.0)
      rainbow (>= 2.2.2, < 4.0)
      regexp_parser (>= 1.8, < 3.0)
      rexml
      rubocop-ast (>= 1.9.1, < 2.0)
      ruby-progressbar (~> 1.7)
      unicode-display_width (>= 1.4.0, < 3.0)
    rubocop-ast (1.11.0)
      parser (>= 3.0.1.1)
    ruby-debug-ide (0.7.2)
      rake (>= 0.8.1)
    ruby-progressbar (1.11.0)
    rumoji (0.5.0)
    unicode-display_width (2.0.0)
    websocket (1.2.10)
    websocket-client-simple (0.8.0)
      event_emitter
      websocket

PLATFORMS
  ruby

DEPENDENCIES
  commandrb!
  debase
  discordrb
  fastri
  haste
  pry
  rainbow
  rake
  rcodetools
  redis
  redis-namespace
  rqrcode
  rubocop
  ruby-debug-ide
  rumoji

BUNDLED WITH
   2.2.27
